GEM
  remote: http://rubygems.org/
  specs:
    builder (3.0.0)
    columnize (0.3.3)
    cucumber (1.0.0)
      builder (>= 2.1.2)
      diff-lcs (>= 1.1.2)
      gherkin (~> 2.4.1)
      json (>= 1.4.6)
      term-ansicolor (>= 1.0.5)
    diff-lcs (1.1.2)
    gherkin (2.4.1)
      json (>= 1.4.6)
    gherkin (2.4.1-java)
      json (>= 1.4.6)
    json (1.5.3)
    json (1.5.3-java)
    linecache (0.46)
      rbx-require-relative (> 0.0.4)
    rake (0.8.7)
    rbx-require-relative (0.0.5)
    rspec (2.6.0)
      rspec-core (~> 2.6.0)
      rspec-expectations (~> 2.6.0)
      rspec-mocks (~> 2.6.0)
    rspec-core (2.6.3)
    rspec-expectations (2.6.0)
      diff-lcs (~> 1.1.2)
    rspec-mocks (2.6.0)
    ruby-debug (0.10.4)
      columnize (>= 0.1)
      ruby-debug-base (~> 0.10.4.0)
    ruby-debug-base (0.10.4)
      linecache (>= 0.3)
    ruby-debug-base (0.10.4-java)
    term-ansicolor (1.0.5)

PLATFORMS
  java
  ruby

DEPENDENCIES
  cucumber (~> 1.0.0)
  rake
  rspec (~> 2.6)
  ruby-debug
